GIT
  remote: git://github.com/audionerd/draper.git
  revision: e816e0e5876b76c648c0928f1c3f2aa2c7a3d1f2
  branch: rails5
  specs:
    draper (2.1.0)
      actionpack (>= 3.0)
      activemodel (>= 3.0)
      activesupport (>= 3.0)
      request_store (~> 1.0)

GIT
  remote: git://github.com/jodosha/redis-rack-cache.git
  revision: d3c996749e5f7da47a8b3b63090f3a8b2de4c0d0
  specs:
    redis-rack-cache (2.0.1)
      rack-cache (>= 1.6, < 1.7)
      redis-store (>= 1.2, < 1.4)

GIT
  remote: git://github.com/rweng/jquery-datatables-rails.git
  revision: d486b31b192a2924b1913e080ad23460e6b96d31
  specs:
    jquery-datatables-rails (3.4.0)
      actionpack (>= 3.1)
      jquery-rails
      railties (>= 3.1)
      sass-rails

GIT
  remote: git://github.com/svenfuchs/routing-filter.git
  revision: e5de2c9d1db81f8ed14bb29922f21f752fff0a81
  branch: master
  specs:
    routing-filter (0.6.0)
      actionpack (>= 4.2, < 5.1)
      activesupport (>= 4.2, < 5.1)

GIT
  remote: https://github.com/rails/activemodel-serializers-xml
  revision: dd9c0acf26aab111ebc647cd8deb99ebc6946531
  specs:
    activemodel-serializers-xml (1.0.1)
      activemodel (> 5.x)
      activesupport (> 5.x)
      builder (~> 3.1)

GEM
  remote: https://rubygems.org/
  specs:
    actioncable (5.0.2)
      actionpack (= 5.0.2)
      nio4r (>= 1.2, < 3.0)
      websocket-driver (~> 0.6.1)
    actionmailer (5.0.2)
      actionpack (= 5.0.2)
      actionview (= 5.0.2)
      activejob (= 5.0.2)
      mail (~> 2.5, >= 2.5.4)
      rails-dom-testing (~> 2.0)
    actionpack (5.0.2)
      actionview (= 5.0.2)
      activesupport (= 5.0.2)
      rack (~> 2.0)
      rack-test (~> 0.6.3)
      rails-dom-testing (~> 2.0)
      rails-html-sanitizer (~> 1.0, >= 1.0.2)
    actionview (5.0.2)
      activesupport (= 5.0.2)
      builder (~> 3.1)
      erubis (~> 2.7.0)
      rails-dom-testing (~> 2.0)
      rails-html-sanitizer (~> 1.0, >= 1.0.3)
    activejob (5.0.2)
      activesupport (= 5.0.2)
      globalid (>= 0.3.6)
    activemodel (5.0.2)
      activesupport (= 5.0.2)
    activerecord (5.0.2)
      activemodel (= 5.0.2)
      activesupport (= 5.0.2)
      arel (~> 7.0)
    activerecord-import (0.17.1)
      activerecord (>= 3.2)
    activesupport (5.0.2)
      concurrent-ruby (~> 1.0, >= 1.0.2)
      i18n (~> 0.7)
      minitest (~> 5.1)
      tzinfo (~> 1.1)
    acts-as-taggable-on (4.0.0)
      activerecord (>= 4.0)
    acts_as_votable (0.10.0)
    addressable (2.5.0)
      public_suffix (~> 2.0, >= 2.0.2)
    ajax-datatables-rails (0.1.2)
      railties (>= 3.1)
    arel (7.1.4)
    aws_cf_signer (0.1.3)
    bcrypt (3.1.11)
    binding_of_caller (0.7.2)
      debug_inspector (>= 0.0.1)
    bootstrap-datepicker-rails (1.6.4.1)
      railties (>= 3.0)
    bootstrap-kaminari-views (0.0.5)
      kaminari (>= 0.13)
      rails (>= 3.1)
    bootstrap-sass (3.2.0.0)
      sass (~> 3.2)
    breadcrumbs_on_rails (3.0.1)
    builder (3.2.3)
    bullet (5.5.1)
      activesupport (>= 3.0.0)
      uniform_notifier (~> 1.10.0)
    business_time (0.7.6)
      activesupport (>= 3.1.0)
      tzinfo
    byebug (9.0.6)
    carrierwave (1.0.0)
      activemodel (>= 4.0.0)
      activesupport (>= 4.0.0)
      mime-types (>= 1.16)
    chatwork (0.4.1)
      faraday (~> 0.9)
    chronic (0.10.2)
    ckeditor (4.2.2)
      cocaine
      orm_adapter (~> 0.5.0)
    climate_control (0.1.0)
    closure_tree (6.4.0)
      activerecord (>= 4.1.0)
      with_advisory_lock (>= 3.0.0)
    cloudinary (1.5.2)
      aws_cf_signer
      json (~> 1.8)
      rest-client (< 2.0)
    cocaine (0.5.8)
      climate_control (>= 0.0.3, < 1.0)
    coderay (1.1.1)
    coffee-rails (4.1.1)
      coffee-script (>= 2.2.0)
      railties (>= 4.0.0, < 5.1.x)
    coffee-script (2.4.1)
      coffee-script-source
      execjs
    coffee-script-source (1.12.2)
    concurrent-ruby (1.0.5)
    config (1.4.0)
      activesupport (>= 3.0)
      deep_merge (~> 1.1.1)
    connection_pool (2.2.1)
    debug_inspector (0.0.2)
    declarative (0.0.9)
    declarative-builder (0.1.0)
      declarative-option (< 0.2.0)
    declarative-option (0.1.0)
    deep_merge (1.1.1)
    delayed_job (4.1.2)
      activesupport (>= 3.0, < 5.1)
    delayed_job_active_record (4.1.1)
      activerecord (>= 3.0, < 5.1)
      delayed_job (>= 3.0, < 5)
    devise (4.2.0)
      bcrypt (~> 3.0)
      orm_adapter (~> 0.1)
      railties (>= 4.1.0, < 5.1)
      responders
      warden (~> 1.2.3)
    diff-lcs (1.3)
    disposable (0.4.2)
      declarative (>= 0.0.9, < 1.0.0)
      declarative-builder (< 0.2.0)
      declarative-option (< 0.2.0)
      representable (>= 2.4.0, <= 3.1.0)
      uber (< 0.2.0)
    domain_name (0.5.20170223)
      unf (>= 0.0.5, < 1.0.0)
    easy_translate (0.5.0)
      json
      thread
      thread_safe
    erubis (2.7.0)
    exception_notification (4.2.1)
      actionmailer (>= 4.0, < 6)
      activesupport (>= 4.0, < 6)
    execjs (2.7.0)
    fabrication (2.16.1)
    faker (1.7.3)
      i18n (~> 0.5)
    faraday (0.11.0)
      multipart-post (>= 1.2, < 3)
    figaro (1.1.1)
      thor (~> 0.14)
    flexslider-rails (1.0.0)
    globalid (0.3.7)
      activesupport (>= 4.1.0)
    google-api-client (0.10.0)
      addressable (~> 2.3)
      googleauth (~> 0.5)
      httpclient (~> 2.7)
      hurley (~> 0.1)
      memoist (~> 0.11)
      mime-types (>= 1.6)
      representable (~> 3.0)
      retriable (>= 2.0, < 4.0)
    google_drive (2.1.2)
      google-api-client (>= 0.9.0, < 1.0.0)
      googleauth (>= 0.5.0, < 1.0.0)
      nokogiri (>= 1.5.3, < 2.0.0)
    googleauth (0.5.1)
      faraday (~> 0.9)
      jwt (~> 1.4)
      logging (~> 2.0)
      memoist (~> 0.12)
      multi_json (~> 1.11)
      os (~> 0.9)
      signet (~> 0.7)
    highcharts-rails (5.0.7)
      railties (>= 3.1)
    highline (1.7.8)
    http-cookie (1.0.3)
      domain_name (~> 0.5)
    httpclient (2.8.3)
    hurley (0.2)
    i18n (0.8.1)
    i18n-js (3.0.0.rc15)
      i18n (~> 0.6, >= 0.6.6)
    i18n-tasks (0.8.7)
      activesupport (>= 2.3.18)
      easy_translate (>= 0.5.0)
      erubis
      highline (>= 1.7.3)
      i18n
      term-ansicolor (>= 1.3.2)
      terminal-table (>= 1.5.1)
    jbuilder (2.6.3)
      activesupport (>= 3.0.0, < 5.2)
      multi_json (~> 1.2)
    jquery-countdown-rails (2.0.2)
    jquery-rails (4.2.2)
      rails-dom-testing (>= 1, < 3)
      railties (>= 4.2.0)
      thor (>= 0.14, < 2.0)
    jquery-ui-rails (6.0.1)
      railties (>= 3.2.16)
    json (1.8.6)
    jwt (1.5.6)
    kaminari (1.0.1)
      activesupport (>= 4.1.0)
      kaminari-actionview (= 1.0.1)
      kaminari-activerecord (= 1.0.1)
      kaminari-core (= 1.0.1)
    kaminari-actionview (1.0.1)
      actionview
      kaminari-core (= 1.0.1)
    kaminari-activerecord (1.0.1)
      activerecord
      kaminari-core (= 1.0.1)
    kaminari-core (1.0.1)
    launchy (2.4.3)
      addressable (~> 2.3)
    letter_opener (1.4.1)
      launchy (~> 2.2)
    little-plugger (1.1.4)
    logging (2.1.0)
      little-plugger (~> 1.1)
      multi_json (~> 1.10)
    loofah (2.0.3)
      nokogiri (>= 1.5.9)
    mail (2.6.4)
      mime-types (>= 1.16, < 4)
    memoist (0.15.0)
    method_source (0.8.2)
    mime-types (2.99.3)
    mini_magick (4.6.1)
    mini_portile2 (2.1.0)
    minitest (5.10.1)
    multi_json (1.12.1)
    multipart-post (2.0.0)
    mysql2 (0.3.21)
    netrc (0.11.0)
    nio4r (2.0.0)
    nokogiri (1.7.0.1)
      mini_portile2 (~> 2.1.0)
    orm_adapter (0.5.0)
    os (0.9.6)
    paranoia (2.2.1)
      activerecord (>= 4.0, < 5.1)
    polyamorous (1.3.1)
      activerecord (>= 3.0)
    pry (0.10.4)
      coderay (~> 1.1.0)
      method_source (~> 0.8.1)
      slop (~> 3.4)
    pry-byebug (3.4.2)
      byebug (~> 9.0)
      pry (~> 0.10)
    pry-rails (0.3.5)
      pry (>= 0.9.10)
    public_activity (1.5.0)
      actionpack (>= 3.0.0)
      activerecord (>= 3.0)
      i18n (>= 0.5.0)
      railties (>= 3.0.0)
    public_suffix (2.0.5)
    puma (3.7.1)
    pundit (1.1.0)
      activesupport (>= 3.0.0)
    rack (2.0.1)
    rack-cache (1.6.1)
      rack (>= 0.4)
    rack-mini-profiler (0.10.2)
      rack (>= 1.2.0)
    rack-protection (1.5.3)
      rack
    rack-test (0.6.3)
      rack (>= 1.0)
    railroady (1.5.2)
    rails (5.0.2)
      actioncable (= 5.0.2)
      actionmailer (= 5.0.2)
      actionpack (= 5.0.2)
      actionview (= 5.0.2)
      activejob (= 5.0.2)
      activemodel (= 5.0.2)
      activerecord (= 5.0.2)
      activesupport (= 5.0.2)
      bundler (>= 1.3.0, < 2.0)
      railties (= 5.0.2)
      sprockets-rails (>= 2.0.0)
    rails-dom-testing (2.0.2)
      activesupport (>= 4.2.0, < 6.0)
      nokogiri (~> 1.6)
    rails-html-sanitizer (1.0.3)
      loofah (~> 2.0)
    railties (5.0.2)
      actionpack (= 5.0.2)
      activesupport (= 5.0.2)
      method_source
      rake (>= 0.8.7)
      thor (>= 0.18.1, < 2.0)
    rake (12.0.0)
    ranked-model (0.4.0)
      activerecord (>= 3.1.12)
    ransack (1.8.2)
      actionpack (>= 3.0)
      activerecord (>= 3.0)
      activesupport (>= 3.0)
      i18n
      polyamorous (~> 1.3)
    rdoc (4.3.0)
    redis (3.3.3)
    redis-actionpack (5.0.1)
      actionpack (>= 4.0, < 6)
      redis-rack (>= 1, < 3)
      redis-store (>= 1.1.0, < 1.4.0)
    redis-activesupport (5.0.1)
      activesupport (>= 3, < 6)
      redis-store (~> 1.2.0)
    redis-namespace (1.5.3)
      redis (~> 3.0, >= 3.0.4)
    redis-rack (2.0.0)
      rack (~> 2.0)
      redis-store (~> 1.2.0)
    redis-rails (5.0.1)
      redis-actionpack (~> 5.0.0)
      redis-activesupport (~> 5.0.0)
      redis-store (~> 1.2.0)
    redis-store (1.2.0)
      redis (>= 2.2)
    reform (2.2.4)
      disposable (>= 0.4.1)
      representable (>= 2.4.0, < 3.1.0)
    reform-rails (0.1.7)
      activemodel (>= 3.2)
      reform (>= 2.2.0)
    representable (3.0.3)
      declarative (< 0.1.0)
      declarative-option (< 0.2.0)
      uber (< 0.2.0)
    request_store (1.3.2)
    responders (2.3.0)
      railties (>= 4.2.0, < 5.1)
    rest-client (1.8.0)
      http-cookie (>= 1.0.2, < 2.0)
      mime-types (>= 1.16, < 3.0)
      netrc (~> 0.7)
    retriable (3.0.1)
    roo (2.7.1)
      nokogiri (~> 1)
      rubyzip (~> 1.1, < 2.0.0)
    rspec-core (3.5.4)
      rspec-support (~> 3.5.0)
    rspec-expectations (3.5.0)
      diff-lcs (>= 1.2.0, < 2.0)
      rspec-support (~> 3.5.0)
    rspec-mocks (3.5.0)
      diff-lcs (>= 1.2.0, < 2.0)
      rspec-support (~> 3.5.0)
    rspec-rails (3.5.2)
      actionpack (>= 3.0)
      activesupport (>= 3.0)
      railties (>= 3.0)
      rspec-core (~> 3.5.0)
      rspec-expectations (~> 3.5.0)
      rspec-mocks (~> 3.5.0)
      rspec-support (~> 3.5.0)
    rspec-support (3.5.0)
    rubyzip (1.2.1)
    sass (3.4.23)
    sass-rails (5.0.6)
      railties (>= 4.0.0, < 6)
      sass (~> 3.1)
      sprockets (>= 2.8, < 4.0)
      sprockets-rails (>= 2.0, < 4.0)
      tilt (>= 1.1, < 3)
    sdoc (0.4.2)
      json (~> 1.7, >= 1.7.7)
      rdoc (~> 4.0)
    sidekiq (4.2.9)
      concurrent-ruby (~> 1.0)
      connection_pool (~> 2.2, >= 2.2.0)
      rack-protection (>= 1.5.0)
      redis (~> 3.2, >= 3.2.1)
    signet (0.7.3)
      addressable (~> 2.3)
      faraday (~> 0.9)
      jwt (~> 1.5)
      multi_json (~> 1.10)
    slop (3.6.0)
    spring (2.0.1)
      activesupport (>= 4.2)
    sprockets (3.7.1)
      concurrent-ruby (~> 1.0)
      rack (> 1, < 3)
    sprockets-rails (3.2.0)
      actionpack (>= 4.0)
      activesupport (>= 4.0)
      sprockets (>= 3.0.0)
    term-ansicolor (1.4.0)
      tins (~> 1.0)
    terminal-table (1.7.3)
      unicode-display_width (~> 1.1.1)
    thor (0.19.4)
    thread (0.2.2)
    thread_safe (0.3.6)
    tilt (2.0.6)
    tins (1.13.2)
    turbolinks (5.0.1)
      turbolinks-source (~> 5)
    turbolinks-source (5.0.0)
    tzinfo (1.2.2)
      thread_safe (~> 0.1)
    uber (0.1.0)
    uglifier (3.1.4)
      execjs (>= 0.3.0, < 3)
    unf (0.1.4)
      unf_ext
    unf_ext (0.0.7.2)
    unicode-display_width (1.1.3)
    uniform_notifier (1.10.0)
    unread (0.8.3)
      activerecord (>= 3)
    warden (1.2.7)
      rack (>= 1.0)
    web-console (2.3.0)
      activemodel (>= 4.0)
      binding_of_caller (>= 0.7.2)
      railties (>= 4.0)
      sprockets-rails (>= 2.0, < 4.0)
    websocket-driver (0.6.5)
      websocket-extensions (>= 0.1.0)
    websocket-extensions (0.1.2)
    whenever (0.9.7)
      chronic (>= 0.6.3)
    wicked_pdf (1.1.0)
    with_advisory_lock (3.1.0)
      activerecord (>= 3.2)
      thread_safe
    wkhtmltopdf-binary (0.12.3.1)

PLATFORMS
  ruby

DEPENDENCIES
  activemodel-serializers-xml!
  activerecord-import
  acts-as-taggable-on (~> 4.0)
  acts_as_votable (~> 0.10.0)
  ajax-datatables-rails (= 0.1.2)
  bootstrap-datepicker-rails
  bootstrap-kaminari-views
  bootstrap-sass (= 3.2.0.0)
  breadcrumbs_on_rails
  bullet
  business_time
  carrierwave
  chatwork
  ckeditor
  closure_tree
  cloudinary
  coffee-rails (~> 4.1.0)
  config
  delayed_job_active_record
  devise
  draper!
  exception_notification
  fabrication
  faker
  figaro
  flexslider-rails
  google_drive
  highcharts-rails
  i18n-js (>= 3.0.0.rc11)
  i18n-tasks (~> 0.8.7)
  jbuilder (~> 2.0)
  jquery-countdown-rails
  jquery-datatables-rails!
  jquery-rails
  jquery-ui-rails
  kaminari
  letter_opener
  mini_magick
  mysql2 (~> 0.3.20)
  paranoia
  pry-byebug
  pry-rails
  public_activity
  puma (~> 3.0)
  pundit
  rack-mini-profiler
  railroady
  rails (~> 5.0.0)
  ranked-model
  ransack
  redis (~> 3.0)
  redis-namespace
  redis-rack-cache!
  redis-rails
  reform
  reform-rails
  roo
  routing-filter!
  rspec-rails (~> 3.0)
  sass-rails (~> 5.0)
  sdoc (~> 0.4.0)
  sidekiq
  spring
  turbolinks (~> 5)
  uglifier (>= 1.3.0)
  unread
  web-console (~> 2.0)
  whenever
  wicked_pdf
  wkhtmltopdf-binary

BUNDLED WITH
   1.14.3
